GEM
  remote: https://rubygems.org/
  specs:
    coderay (1.1.1)
    excon (0.47.0)
    haml (4.0.7)
      tilt
    json (1.8.3)
    mailchimp-api (2.0.6)
      excon (>= 0.16.0)
      json (>= 1.7.7)
    method_source (0.8.2)
    pry (0.10.3)
      coderay (~> 1.1.0)
      method_source (~> 0.8.1)
      slop (~> 3.4)
    rack (1.4.1)
    rack-protection (1.2.0)
      rack
    sass (3.4.9)
    shotgun (0.9)
      rack (>= 1.0)
    sinatra (1.3.3)
      rack (~> 1.3, >= 1.3.6)
      rack-protection (~> 1.2)
      tilt (~> 1.3, >= 1.3.3)
    sinatra-partial (0.4.0)
      sinatra
    slop (3.6.0)
    tilt (1.3.3)

PLATFORMS
  ruby

DEPENDENCIES
  haml
  mailchimp-api
  pry
  sass (>= 3.3.0)
  shotgun
  sinatra
  sinatra-partial

BUNDLED WITH
   1.10.5
